GEM
  remote: https://rubygems.org/
  specs:
    actionmailer (3.2.3)
      actionpack (= 3.2.3)
      mail (~> 2.4.4)
    actionpack (3.2.3)
      activemodel (= 3.2.3)
      activesupport (= 3.2.3)
      builder (~> 3.0.0)
      erubis (~> 2.7.0)
      journey (~> 1.0.1)
      rack (~> 1.4.0)
      rack-cache (~> 1.2)
      rack-test (~> 0.6.1)
      sprockets (~> 2.1.2)
    activemodel (3.2.3)
      activesupport (= 3.2.3)
      builder (~> 3.0.0)
    activerecord (3.2.3)
      activemodel (= 3.2.3)
      activesupport (= 3.2.3)
      arel (~> 3.0.2)
      tzinfo (~> 0.3.29)
    activeresource (3.2.3)
      activemodel (= 3.2.3)
      activesupport (= 3.2.3)
    activesupport (3.2.3)
      i18n (~> 0.6)
      multi_json (~> 1.0)
    acts-as-taggable-on (2.2.2)
      rails (~> 3.0)
    archive-tar-minitar (0.5.2)
    arel (3.0.2)
    authlogic (3.1.0)
      activerecord (>= 3.0.7)
      activerecord (>= 3.0.7)
    awesome_nested_set (2.1.3)
      activerecord (>= 3.0.0)
    aws-s3 (0.6.2)
      builder
      mime-types
      xml-simple
    babelphish (0.4.5)
      json
      ya2yaml
    bcrypt-ruby (3.0.1)
    builder (3.0.0)
    cocaine (0.2.1)
    coffee-rails (3.2.2)
      coffee-script (>= 2.2.0)
      railties (~> 3.2.0)
    coffee-script (2.2.0)
      coffee-script-source
      execjs
    coffee-script-source (1.2.0)
    columnize (0.3.6)
    curb (0.8.0)
    daemons (1.1.8)
    encryptor (1.1.3)
    erubis (2.7.0)
    eventmachine (0.12.10)
    execjs (1.3.0)
      multi_json (~> 1.0)
    feedzirra (0.0.24)
      activesupport (>= 2.3.8)
      builder (>= 2.1.2)
      curb (>= 0.2.3)
      loofah (>= 0.3.1)
      nokogiri (> 0.0.0)
      sax-machine (>= 0.0.12)
    friendly_id (4.0.5)
    gdata (1.1.2)
    gdata19 (0.1.9.2)
    haml (3.1.4)
    hashie (1.2.0)
    hike (1.2.1)
    hpricot (0.8.2)
    httparty (0.8.3)
      multi_json (~> 1.0)
      multi_xml
    i18n (0.6.0)
    journey (1.0.3)
    jquery-rails (2.0.2)
      railties (>= 3.2.0, < 5.0)
      thor (~> 0.14)
    json (1.6.6)
    jwt (0.1.4)
      json (>= 1.2.4)
    libv8 (3.3.10.4)
    linecache19 (0.5.12)
      ruby_core_source (>= 0.1.4)
    loofah (1.2.1)
      nokogiri (>= 1.4.4)
    mail (2.4.4)
      i18n (>= 0.4.0)
      mime-types (~> 1.16)
      treetop (~> 1.4.8)
    mime-types (1.18)
    muck-activities (3.2.2)
      muck-comments
      muck-engine
      muck-users
    muck-auth (3.5.4)
      muck-engine
      muck-users
      omniauth (>= 0.2.6)
      overlord
    muck-comments (3.2.0)
      muck-engine
      muck-users
      nested_set
      sanitize
    muck-contacts (2.6.1)
      encryptor
      gdata
      gdata19
      hpricot (= 0.8.2)
      json (>= 1.1.1)
      oauth (>= 0.4.0)
    muck-contents (3.1.7)
      acts-as-taggable-on
      awesome_nested_set
      babelphish
      friendly_id (>= 3.2.0)
      muck-comments
      muck-engine
      muck-users
      nested_set
      sanitize
      tiny_mce
      uploader
    muck-engine (3.4.0)
      overlord
      validation_reflection
      will_paginate (~> 3.0.0)
    muck-feedbag (0.7.1)
    muck-friends (3.1.1)
      muck-engine
      muck-profiles
      muck-users
    muck-invites (3.5.0)
      hpricot
      muck-auth (>= 3.5.1)
      muck-contacts (>= 2.6.1)
      muck-engine (>= 3.3.4)
      muck-portablecontacts
    muck-portablecontacts (0.2.0)
      activesupport
      json
      oauth (>= 0.3.6)
    muck-profiles (3.1.5)
      muck-comments
      muck-contents
      muck-engine
      muck-raker
      muck-shares
      muck-users
      paperclip
      sanitize
      uploader
    muck-raker (3.1.0)
    muck-services (3.3.3)
      acts-as-taggable-on
      feedzirra
      hpricot
      httparty
      muck-comments
      muck-engine
      muck-feedbag
      muck-raker
      muck-users
      nokogiri
      overlord
      river
      will_paginate
    muck-shares (3.2.0)
      muck-activities
      muck-comments
      muck-engine
      muck-invites
      muck-users
    muck-users (3.2.25)
      authlogic
      bcrypt-ruby
      friendly_id
      muck-engine
    multi_json (1.2.0)
    multi_xml (0.4.4)
    nested_set (1.7.0)
      activerecord (>= 3.0.0)
      railties (>= 3.0.0)
    nokogiri (1.5.2)
    oauth (0.4.6)
    omniauth (1.1.0)
      hashie (~> 1.2)
      rack
    overlord (3.0.2)
      httparty
      json
    paperclip (3.0.3)
      activemodel (>= 3.0.0)
      activerecord (>= 3.0.0)
      activesupport (>= 3.0.0)
      cocaine (>= 0.0.2)
      mime-types
    pg (0.13.2)
    polyglot (0.3.3)
    rack (1.4.1)
    rack-cache (1.2)
      rack (>= 0.4)
    rack-ssl (1.3.2)
      rack
    rack-test (0.6.1)
      rack (>= 1.0)
    rails (3.2.3)
      actionmailer (= 3.2.3)
      actionpack (= 3.2.3)
      activerecord (= 3.2.3)
      activeresource (= 3.2.3)
      activesupport (= 3.2.3)
      bundler (~> 1.0)
      railties (= 3.2.3)
    railties (3.2.3)
      actionpack (= 3.2.3)
      activesupport (= 3.2.3)
      rack-ssl (~> 1.3.2)
      rake (>= 0.8.7)
      rdoc (~> 3.4)
      thor (~> 0.14.6)
    rake (0.9.2.2)
    rdoc (3.12)
      json (~> 1.4)
    river (3.0.0)
      httparty
      rails
    ruby-debug-base19 (0.11.25)
      columnize (>= 0.3.1)
      linecache19 (>= 0.5.11)
      ruby_core_source (>= 0.1.4)
    ruby-debug19 (0.11.6)
      columnize (>= 0.3.1)
      linecache19 (>= 0.5.11)
      ruby-debug-base19 (>= 0.11.19)
    ruby_core_source (0.1.5)
      archive-tar-minitar (>= 0.5.2)
    sanitize (2.0.3)
      nokogiri (>= 1.4.4, < 1.6)
    sass (3.1.15)
    sass-rails (3.2.5)
      railties (~> 3.2.0)
      sass (>= 3.1.10)
      tilt (~> 1.3)
    sax-machine (0.1.0)
      nokogiri (> 0.0.0)
    sprockets (2.1.2)
      hike (~> 1.2)
      rack (~> 1.0)
      tilt (~> 1.1, != 1.3.0)
    therubyracer (0.10.1)
      libv8 (~> 3.3.10)
    thin (1.3.1)
      daemons (>= 1.0.9)
      eventmachine (>= 0.12.6)
      rack (>= 1.0.0)
    thor (0.14.6)
    tilt (1.3.3)
    tiny_mce (0.1.8)
    treetop (1.4.10)
      polyglot
      polyglot (>= 0.3.1)
    twilio-ruby (3.6.0)
      builder (>= 2.1.2)
      jwt (>= 0.1.2)
      multi_json (>= 1.0.3)
    tzinfo (0.3.33)
    uglifier (1.2.4)
      execjs (>= 0.3.0)
      multi_json (>= 1.0.2)
    uploader (3.1.4)
      aws-s3
      mime-types
      paperclip
      rack
    validation_reflection (1.0.0)
    will_paginate (3.0.3)
    xml-simple (1.1.1)
    ya2yaml (0.31)

PLATFORMS
  ruby

DEPENDENCIES
  babelphish
  coffee-rails (~> 3.2.1)
  haml
  jquery-rails
  muck-activities
  muck-auth
  muck-comments
  muck-contents
  muck-engine
  muck-friends
  muck-invites
  muck-profiles
  muck-services
  muck-shares
  muck-users
  pg
  rails (= 3.2.3)
  ruby-debug19
  sass-rails (~> 3.2.3)
  therubyracer
  thin
  twilio-ruby
  uglifier (>= 1.0.3)
  uploader
